GEM
  remote: https://rubygems.org/
  specs:
    addressable (2.7.0)
      public_suffix (>= 2.0.2, < 5.0)
    faraday (0.9.1)
      multipart-post (>= 1.2, < 3)
    faraday_middleware (0.14.0)
      faraday (>= 0.7.4, < 1.0)
    httparty (0.18.0)
      mime-types (~> 3.0)
      multi_xml (>= 0.5.2)
    mime-types (3.3.1)
      mime-types-data (~> 3.2015)
    mime-types-data (3.2019.1009)
    multi_xml (0.6.0)
    multipart-post (2.1.1)
    public_suffix (4.0.4)
    simple_oauth (0.3.1)
    tacokit (0.4.0)
      addressable
      faraday (= 0.9.1)
      faraday_middleware
      simple_oauth

PLATFORMS
  ruby

DEPENDENCIES
  httparty (~> 0.18.0)
  tacokit (~> 0.4.0)

RUBY VERSION
   ruby 2.6.5p114

BUNDLED WITH
   2.1.2
